PATH
  remote: /Users/subbarao/experiments/nimbleshop/nimbleshop_core
  specs:
    nimbleshop_core (0.0.7)
      activemerchant (= 1.26.0)
      american_date (= 1.0.0)
      carmen (= 1.0.0.beta2)
      carrierwave (= 0.6.2)
      custom_error_message (= 1.1.1)
      delayed_job_active_record (= 0.3.2)
      hashr (= 0.0.19)
      mini_magick (= 3.4)
      nested_form (= 0.2.1)
      rails (= 3.2.8)
      state_machine (= 1.1.2)
      strong_parameters (= 0.1.3)
      twitter-bootstrap-rails (= 2.1.0)
      valid_email (= 0.0.4)

PATH
  remote: /Users/subbarao/experiments/nimbleshop/payment_methods/nimbleshop_authorizedotnet
  specs:
    nimbleshop_authorizedotnet (0.0.7)
      activemerchant (~> 1.26.0)

PATH
  remote: /Users/subbarao/experiments/nimbleshop/payment_methods/nimbleshop_cod
  specs:
    nimbleshop_cod (0.0.7)

PATH
  remote: /Users/subbarao/experiments/nimbleshop/payment_methods/nimbleshop_paypalwp
  specs:
    nimbleshop_paypalwp (0.0.7)
      activemerchant (~> 1.26.0)
      money
      valid_email

PATH
  remote: /Users/subbarao/experiments/nimbleshop/payment_methods/nimbleshop_splitable
  specs:
    nimbleshop_splitable (0.0.7)
      activemerchant

PATH
  remote: /Users/subbarao/experiments/nimbleshop/themes/nimbleshop_simply
  specs:
    nimbleshop_simply (0.0.7)
      fancybox-rails (= 0.1.4)
      jquery-rails (= 2.0.2)

GEM
  remote: https://rubygems.org/
  specs:
    actionmailer (3.2.8)
      actionpack (= 3.2.8)
      mail (~> 2.4.4)
    actionpack (3.2.8)
      activemodel (= 3.2.8)
      activesupport (= 3.2.8)
      builder (~> 3.0.0)
      erubis (~> 2.7.0)
      journey (~> 1.0.4)
      rack (~> 1.4.0)
      rack-cache (~> 1.2)
      rack-test (~> 0.6.1)
      sprockets (~> 2.1.3)
    active_model_serializers (0.5.2)
      activemodel (~> 3.0)
    active_utils (1.0.4)
      activesupport (>= 2.3.11)
      i18n
    activemerchant (1.26.0)
      active_utils (>= 1.0.2)
      activesupport (>= 2.3.11)
      builder (>= 2.0.0)
      i18n
      json (>= 1.5.1)
      money
      nokogiri
    activemodel (3.2.8)
      activesupport (= 3.2.8)
      builder (~> 3.0.0)
    activerecord (3.2.8)
      activemodel (= 3.2.8)
      activesupport (= 3.2.8)
      arel (~> 3.0.2)
      tzinfo (~> 0.3.29)
    activeresource (3.2.8)
      activemodel (= 3.2.8)
      activesupport (= 3.2.8)
    activesupport (3.2.8)
      i18n (~> 0.6)
      multi_json (~> 1.0)
    american_date (1.0.0)
    arel (3.0.2)
    builder (3.0.0)
    carmen (1.0.0.beta2)
    carrierwave (0.6.2)
      activemodel (>= 3.2.0)
      activesupport (>= 3.2.0)
    coffee-rails (3.2.2)
      coffee-script (>= 2.2.0)
      railties (~> 3.2.0)
    coffee-script (2.2.0)
      coffee-script-source
      execjs
    coffee-script-source (1.3.3)
    commonjs (0.2.6)
    custom_error_message (1.1.1)
    delayed_job (3.0.3)
      activesupport (~> 3.0)
    delayed_job_active_record (0.3.2)
      activerecord (> 2.1.0)
      delayed_job (~> 3.0.0)
    ember-rails (0.7.0)
      active_model_serializers
      execjs (>= 1.2)
      railties (~> 3.1)
    erubis (2.7.0)
    execjs (1.4.0)
      multi_json (~> 1.0)
    fancybox-rails (0.1.4)
      railties (>= 3.1.0)
    hashr (0.0.19)
    hike (1.2.1)
    i18n (0.6.0)
    journey (1.0.4)
    jquery-rails (2.0.2)
      railties (>= 3.2.0, < 5.0)
      thor (~> 0.14)
    json (1.7.5)
    less (2.2.1)
      commonjs (~> 0.2.6)
    less-rails (2.2.3)
      actionpack (>= 3.1)
      less (~> 2.2.0)
    libv8 (3.3.10.4)
    mail (2.4.4)
      i18n (>= 0.4.0)
      mime-types (~> 1.16)
      treetop (~> 1.4.8)
    mime-types (1.19)
    mini_magick (3.4)
      subexec (~> 0.2.1)
    money (5.0.0)
      i18n (~> 0.4)
      json
    multi_json (1.3.6)
    nested_form (0.2.1)
    nokogiri (1.5.5)
    polyglot (0.3.3)
    rack (1.4.1)
    rack-cache (1.2)
      rack (>= 0.4)
    rack-ssl (1.3.2)
      rack
    rack-test (0.6.1)
      rack (>= 1.0)
    rails (3.2.8)
      actionmailer (= 3.2.8)
      actionpack (= 3.2.8)
      activerecord (= 3.2.8)
      activeresource (= 3.2.8)
      activesupport (= 3.2.8)
      bundler (~> 1.0)
      railties (= 3.2.8)
    railties (3.2.8)
      actionpack (= 3.2.8)
      activesupport (= 3.2.8)
      rack-ssl (~> 1.3.2)
      rake (>= 0.8.7)
      rdoc (~> 3.4)
      thor (>= 0.14.6, < 2.0)
    rake (0.9.2.2)
    rdoc (3.12)
      json (~> 1.4)
    sass (3.2.0)
    sass-rails (3.2.5)
      railties (~> 3.2.0)
      sass (>= 3.1.10)
      tilt (~> 1.3)
    sprockets (2.1.3)
      hike (~> 1.2)
      rack (~> 1.0)
      tilt (~> 1.1, != 1.3.0)
    sqlite3 (1.3.6)
    state_machine (1.1.2)
    strong_parameters (0.1.3)
      actionpack (>= 3.2.0)
      activemodel (>= 3.2.0)
    subexec (0.2.2)
    therubyracer (0.10.2)
      libv8 (~> 3.3.10)
    thor (0.15.4)
    tilt (1.3.3)
    treetop (1.4.10)
      polyglot
      polyglot (>= 0.3.1)
    twitter-bootstrap-rails (2.1.0)
      actionpack (>= 3.1)
      less-rails (~> 2.2.2)
      railties (>= 3.1)
      therubyracer (~> 0.10.1)
    tzinfo (0.3.33)
    uglifier (1.2.7)
      execjs (>= 0.3.0)
      multi_json (~> 1.3)
    valid_email (0.0.4)
      activemodel
      mail

PLATFORMS
  ruby

DEPENDENCIES
  coffee-rails (~> 3.2.1)
  ember-rails
  jquery-rails
  nimbleshop_authorizedotnet!
  nimbleshop_cod!
  nimbleshop_core!
  nimbleshop_paypalwp!
  nimbleshop_simply!
  nimbleshop_splitable!
  rails (= 3.2.8)
  sass-rails (~> 3.2.3)
  sqlite3
  uglifier (>= 1.0.3)
